GEM
  remote: https://rubygems.org/
  specs:
    dotenv (2.1.1)
    json (2.0.2)
    rake (11.2.2)

PLATFORMS
  ruby

DEPENDENCIES
  dotenv
  json
  rake

BUNDLED WITH
   1.11.2
